GIT
  remote: https://github.com/sinatra/sinatra
  revision: 4c7d38eb1b2cc02ce51029f28e0c3c34ca12ccfd
  specs:
    sinatra (2.0.0.pre.alpha)
      rack (= 2.0.0.alpha)
      rack-protection (~> 1.5)
      tilt (~> 2.0)

GEM
  remote: https://rubygems.org/
  specs:
    foreman (0.78.0)
      thor (~> 0.19.1)
    json (1.8.3)
    rack (2.0.0.alpha)
      json
    rack-protection (1.5.3)
      rack
    sinatra-cross_origin (0.3.2)
    thor (0.19.1)
    tilt (2.0.2)

PLATFORMS
  ruby

DEPENDENCIES
  foreman
  sinatra!
  sinatra-cross_origin

BUNDLED WITH
   1.10.2
